PATH
  remote: .
  specs:
    zettel (0.1.0)

GEM
  remote: https://rubygems.org/
  specs:
    byebug (11.1.3)
    coderay (1.1.3)
    method_source (1.0.0)
    minitest (5.14.2)
    minitest-power_assert (0.3.1)
      minitest
      power_assert (>= 1.1)
    power_assert (1.2.0)
    pry (0.13.1)
      coderay (~> 1.1)
      method_source (~> 1.0)
    pry-byebug (3.9.0)
      byebug (~> 11.0)
      pry (~> 0.13.0)
    rake (13.0.1)
    test_bench (1.2.0.5)
      test_bench-fixture (>= 1.0.0.0)
    test_bench-fixture (1.3.1.0)

PLATFORMS
  ruby

DEPENDENCIES
  bundler (~> 2.0)
  minitest (~> 5.0)
  minitest-power_assert (~> 0.3)
  pry-byebug (~> 3.9)
  rake (>= 12.3.3)
  test_bench (~> 1.2)
  zettel!

BUNDLED WITH
   2.0.2
